GEM
  remote: https://rubygems.org/
  specs:
    ffi (1.9.10-java)
    ffi-rzmq (2.0.4)
      ffi-rzmq-core (>= 1.0.1)
    ffi-rzmq-core (1.0.4)
      ffi (~> 1.9)
    jruby-notify (0.4.0.2)
    json (1.8.3-java)
    logger (1.2.8)

PLATFORMS
  java

DEPENDENCIES
  ffi-rzmq
  jruby-notify (= 0.4.0.2)
  json
  logger

BUNDLED WITH
   1.10.6
