GEM
  remote: https://rubygems.org/
  specs:
    ffi (1.9.3-java)
    ffi-rzmq (2.0.1)
      ffi-rzmq-core (>= 1.0.1)
    ffi-rzmq-core (1.0.3)
      ffi (~> 1.9)
    jruby-notify (0.4.0.1)
    json (1.8.1-java)
    logger (1.2.8)

PLATFORMS
  java

DEPENDENCIES
  ffi-rzmq
  jruby-notify (= 0.4.0.1)
  json
  logger
