GEM
  remote: https://rubygems.org/
  specs:
    ffi (1.9.3)
    ffi-rzmq (2.0.1)
      ffi-rzmq-core (>= 1.0.1)
    ffi-rzmq-core (1.0.3)
      ffi (~> 1.9)
    json (1.8.1)
    logger (1.2.8)
    orderedhash (0.0.6)

PLATFORMS
  ruby

DEPENDENCIES
  ffi-rzmq
  json
  logger
  orderedhash
